GEM
  remote: http://rubygems.org/
  specs:
    kgio (2.5.0)
    rack (1.3.0)
    sinatra (1.2.6)
      rack (~> 1.1)
      tilt (< 2.0, >= 1.2.2)
    tilt (1.3.2)
    unicorn (3.7.0)
      kgio (~> 2.3)
      rack

PLATFORMS
  ruby

DEPENDENCIES
  sinatra
  unicorn
